GEM
  remote: https://rubygems.org/
  specs:
    edn (1.0.6)
    mini_portile (0.6.0)
    nokogiri (1.6.3.1)
      mini_portile (= 0.6.0)

PLATFORMS
  ruby

DEPENDENCIES
  edn
  nokogiri
